GIT
  remote: https://github.com/theforeman/smart-proxy.git
  revision: fdeef1dc6febcfae22c8d3273cb18d6bdeb31a23
  specs:
    smart_proxy (2.5.0.develop)
      json
      logging
      rack (>= 1.3)
      sd_notify (~> 0.1)
      sinatra

GIT
  remote: https://gitlab.com/efficientip/ruby-gem-efficientIP.git
  revision: 71a1a0e18f13fec4e3aa56abfa18f658323c8408
  specs:
    SOLIDserver (0.0.11)
      json (~> 1.8, >= 1.8.3)
      rest-client (~> 2.0, >= 2.0.0)

PATH
  remote: .
  specs:
    smart_proxy_efficient_ip (0.0.10)
      SOLIDserver (~> 0.0.11)

GEM
  remote: https://rubygems.org/
  specs:
    byebug (11.1.3)
    domain_name (0.5.20190701)
      unf (>= 0.0.5, < 1.0.0)
    http-accept (1.7.0)
    http-cookie (1.0.3)
      domain_name (~> 0.5)
    json (1.8.6)
    little-plugger (1.1.4)
    logging (2.3.0)
      little-plugger (~> 1.1)
      multi_json (~> 1.14)
    mime-types (3.3.1)
      mime-types-data (~> 3.2015)
    mime-types-data (3.2021.0225)
    mocha (1.12.0)
    multi_json (1.15.0)
    mustermann (1.1.1)
      ruby2_keywords (~> 0.0.1)
    netrc (0.11.0)
    power_assert (2.0.0)
    rack (2.2.3)
    rack-protection (2.1.0)
      rack
    rake (13.0.3)
    rest-client (2.1.0)
      http-accept (>= 1.7.0, < 2.0)
      http-cookie (>= 1.0.2, < 2.0)
      mime-types (>= 1.16, < 4.0)
      netrc (~> 0.8)
    ruby2_keywords (0.0.4)
    sd_notify (0.1.1)
    sinatra (2.1.0)
      mustermann (~> 1.0)
      rack (~> 2.2)
      rack-protection (= 2.1.0)
      tilt (~> 2.0)
    test-unit (3.4.0)
      power_assert
    tilt (2.0.10)
    unf (0.1.4)
      unf_ext
    unf_ext (0.0.7.7)

PLATFORMS
  x86_64-linux

DEPENDENCIES
  SOLIDserver!
  byebug
  mocha
  rake (~> 13.0)
  smart_proxy!
  smart_proxy_efficient_ip!
  test-unit (~> 3.4)

BUNDLED WITH
   2.2.11
